PATH
  remote: .
  specs:
    minecraft-data (0.1.1)
      json (~> 2.3)
      uuidtools (~> 2.1, >= 2.1.5)

GEM
  remote: https://rubygems.org/
  specs:
    diff-lcs (1.3)
    json (2.3.0)
    rake (12.3.3)
    rspec (3.9.0)
      rspec-core (~> 3.9.0)
      rspec-expectations (~> 3.9.0)
      rspec-mocks (~> 3.9.0)
    rspec-core (3.9.2)
      rspec-support (~> 3.9.3)
    rspec-expectations (3.9.1)
      diff-lcs (>= 1.2.0, < 2.0)
      rspec-support (~> 3.9.0)
    rspec-mocks (3.9.1)
      diff-lcs (>= 1.2.0, < 2.0)
      rspec-support (~> 3.9.0)
    rspec-support (3.9.3)
    uuidtools (2.1.5)

PLATFORMS
  x64-mingw32

DEPENDENCIES
  minecraft-data!
  rake (~> 12.0)
  rspec (~> 3.0)

BUNDLED WITH
   2.1.4
